GEM
  remote: https://rubygems.org/
  specs:
    activesupport (6.0.3.1)
      concurrent-ruby (~> 1.0, >= 1.0.2)
      i18n (>= 0.7, < 2)
      minitest (~> 5.1)
      tzinfo (~> 1.1)
      zeitwerk (~> 2.2, >= 2.2.2)
    airbrake-ruby (4.14.1)
      rbtree3 (~> 0.5)
    amq-protocol (2.3.1)
    ast (2.4.1)
    bunny (2.15.0)
      amq-protocol (~> 2.3, >= 2.3.1)
    concurrent-ruby (1.1.6)
    dotenv (2.7.5)
    httparty (0.18.1)
      mime-types (~> 3.0)
      multi_xml (>= 0.5.2)
    i18n (1.8.3)
      concurrent-ruby (~> 1.0)
    mime-types (3.3.1)
      mime-types-data (~> 3.2015)
    mime-types-data (3.2020.0512)
    minitest (5.14.1)
    multi_xml (0.6.0)
    parallel (1.19.1)
    parser (2.7.1.3)
      ast (~> 2.4.0)
    rainbow (3.0.0)
    rbtree3 (0.6.0)
    regexp_parser (1.7.1)
    rexml (3.2.4)
    ripple_keycloak (0.2.5)
      activesupport (= 6.0.3.1)
      httparty (= 0.18.1)
    rubocop (0.85.1)
      parallel (~> 1.10)
      parser (>= 2.7.0.1)
      rainbow (>= 2.2.2, < 4.0)
      regexp_parser (>= 1.7)
      rexml
      rubocop-ast (>= 0.0.3)
      ruby-progressbar (~> 1.7)
      unicode-display_width (>= 1.4.0, < 2.0)
    rubocop-ast (0.0.3)
      parser (>= 2.7.0.1)
    ruby-progressbar (1.10.1)
    thread_safe (0.3.6)
    tzinfo (1.2.7)
      thread_safe (~> 0.1)
    unicode-display_width (1.7.0)
    zeitwerk (2.3.0)

PLATFORMS
  ruby

DEPENDENCIES
  airbrake-ruby (~> 4.14.1)
  bunny (~> 2.15.0)
  dotenv (~> 2.7.5)
  ripple_keycloak (~> 0.2.5)
  rubocop

RUBY VERSION
   ruby 2.7.1p83

BUNDLED WITH
   2.1.4
